##TITLE= Parameter file, TOPSPIN		Version 1.3
##JCAMPDX= 5.0
##DATATYPE= Parameter Values
##ORIGIN= UXNMR, Bruker Analytische Messtechnik GmbH
##OWNER= root
$$ 2021-03-26 12:49:06.015 +0900  bruker@NMRPC
$$ C:/Bruker/TOPSPIN/data/nemoto/nmr/nk21c001/3/pdata/1//procs
##$ABSF1= 0
##$ABSF2= 0
##$ABSG= 0
##$ABSL= 0
##$ALPHA= 0
##$AQORDER= 0
##$ASSFAC= 0
##$ASSFACI= 0
##$ASSFACX= 0
##$ASSWID= 0
##$AUNMP= <proc_1d>
##$AXLEFT= 0
##$AXRIGHT= 0
##$AXTYPE= 0
##$AXUNIT= <>
##$AZFE= 0.1
##$AZFW= 10
##$BCFW= 0
##$BC_mod= 2
##$BYTORDP= 0
##$COROFFS= 0
##$CY= 10
##$DATMOD= 1
##$DC= 0
##$DFILT= <>
##$DTYPP= 0
##$F1P= 357.705108642578
##$F2P= -138.816086992332
##$FCOR= 0.5
##$FTSIZE= 32768
##$FT_mod= 6
##$GAMMA= 0
##$GB= 0
##$INTBC= 1
##$INTSCL= 1
##$ISEN= 30
##$LB= 0
##$LEV0= 0
##$LPBIN= 0
##$MAXI= 1000
##$MC2= 0
##$MEAN= 0
##$ME_mod= 0
##$MI= 1
##$NCOEF= 0
##$NC_proc= -4
##$NLEV= 6
##$NOISF1= 217.5
##$NOISF2= 207.5
##$NSP= 0
##$NTH_PF= 0
##$NTH_PI= 0
##$NZP= 0
##$OFFSET= 359.1143
##$PC= 1.4
##$PHC0= 4.62294
##$PHC1= 57
##$PH_mod= 1
##$PKNL= yes
##$PPARMOD= 0
##$PPDIAG= 0
##$PPIPTYP= 0
##$PPMPNUM= 100
##$PPRESOL= 1
##$PSCAL= 0
##$PSIGN= 0
##$REVERSE= no
##$SF= 50.3226929006064
##$SI= 32768
##$SIGF1= 50
##$SIGF2= 30
##$SINO= 80
##$SIOLD= 32768
##$SREGLST= <13C.CDCl3>
##$SSB= 0
##$STSI= 32768
##$STSR= 0
##$SW_p= 25000
##$SYMM= 0
##$S_DEV= 0
##$T1D= 0
##$TDeff= 3072
##$TDoff= 0
##$TI= <>
##$TILT= no
##$TM1= 0
##$TM2= 0
##$TOPLEV= 0
##$USERP1= <user>
##$USERP2= <user>
##$USERP3= <user>
##$USERP4= <user>
##$USERP5= <user>
##$WDW= 1
##$XDIM= 64
##$YMAX_p= 420660805
##$YMIN_p= -70126731
##END=
