##TITLE= Parameter file, TOPSPIN		Version 3.2
##JCAMPDX= 5.0
##DATATYPE= Parameter Values
##NPOINTS= 4123	$$ modification sequence number
##ORIGIN= Bruker BioSpin GmbH
##OWNER= nmrsu
$$ 2020-12-15 09:28:31.725 +0900  nmrsu@CZC33424NC
$$ C:/Bruker/TopSpin3.2/conf/instr/spect/specpar
$$ process C:\Bruker\TopSpin3.2\prog\mod\cprserver.exe
##$ANCIEN= (0..7)
0 0 0 0 0 0 0 0
##$BF1= 100.13
##$BF2= 100.13
##$BF3= 100.13
##$DEC= 1
##$DECB= 1
##$DEF19F= yes
##$DEFRSEL= yes
##$HPMOD= (0..7)
0 0 0 0 0 0 0 0
##$HPPRECH= (0..15)
-1 -1 -1 -1 -1 -1 -1 -1 -1 -1 -1 -1 -1 -1 -1 -1
##$LOCSW19F= -1
##$LOCSW2H= -1
##$NUC1= 10
##$NUC2= 1
##$NUC3= 0
##$NUC4= 0
##$NUC5= 0
##$NUC6= 0
##$NUC7= 0
##$NUC8= 0
##$NUCARR= (0..123)
600.395 600.395 92.164288065 640.405166697 457.377530776 88.35464454 233.336293998
84.366382661 64.504385449 192.630575697 150.969442829 43.371844346 60.837497002
81.392290005 564.935737343 47.396958469 158.815885005 36.753990458 156.444078593
119.281597389 243.044350931 46.0863202 58.826155741 48.966565114 28.016670173
15.377947155 40.406757615 145.846434401 33.847472259 33.856496196 59.861236721
157.921584645 33.937303359 148.833225411 19.439457223 142.456165942 53.651603401
159.197574118 170.534352587 37.565532372 144.102929348 183.100685981 20.943668844
102.803318325 114.504410476 150.422843221 31.326942002 162.145783746 23.10079802
57.967795025 196.451969793 26.020050597 29.420543782 55.814508377 146.953700872
39.127297858 39.948452095 135.138863888 27.649096346 30.988601408 19.131268466
27.474675595 24.302902885 27.939579455 127.376681146 133.246713041 131.280899732
196.441733059 131.562328885 213.934301423 223.891089996 143.677987779 157.121822481
77.806490907 189.423235588 120.12394557 166.970966235 49.496089488 78.748660761
59.645983105 66.721464066 79.217917485 84.809642282 183.840949 32.7215275
20.173272 25.0364715 20.653588 149.258197 65.923371 18.4321265 24.1959185
144.334958 20.653588 28.939039 128.124293 17.291376 49.7727455 105.064958259
28.94504295 68.4690458 48.81811745 24.05782765 15.11194215 71.98495892
25.014779229 135.23657217 136.59946882 13.703001207 46.62307333 10.3147861
11.23339045 129.065616297 10.38082955 107.535679747 39.695613753 342.96483664
346.33087916 125.606230366 96.479201688 11.05567353 100 100 100
##$OBS= 1
##$OFFSF= (0..7)
0 0 0 0 0 0 0 0
##$OFFSH= (0..7)
0 0 0 0 0 0 0 0
##$OFFSX= (0..7)
0 0 0 0 0 0 0 0
##$OFFSXAS= (0..7)
0 0 0 0 0 0 0 0
##$OFSF1= 0
##$OFSF2= 0
##$OFSH1= 0
##$OFSH2= 0
##$OFSH3= 0
##$OFSX1= 0
##$OFSX2= 0
##$OFSY= 0
##$PACOIL= (0..15)
0 0 0 0 0 0 0 0 0 0 0 0 0 0 0 0
##$PRECHAN= (0..15)
-1 2 -1 0 -1 3 -1 1 -1 -1 -1 -1 -1 -1 -1 -1
##$RECPRE= (0..15)
-1 0 -1 -1 -1 -1 -1 -1 -1 -1 -1 -1 -1 -1 -1 -1
##$RECSEL= (0..15)
0 0 0 1 0 0 0 0 0 0 0 0 0 0 0 0
##$SELREC= (0..9)
0 0 0 0 0 0 0 0 0 0
##$SFO1= 150.969443
##$SFO2= 600.395
##$SFO3= 600.395
##$SFO4= 600.395
##$SFO5= 600.395
##$SFO6= 600.395
##$SFO7= 600.395
##$SFO8= 600.395
##$TY= (0..123)
0 0 0 0 0 0 0 0 0 0 0 0 0 0 0 0 0 0 0 0 0 0 0 0 0 0 0 0 0 0 0 0 0 0 0 0
0 0 0 0 0 0 0 0 0 0 0 0 0 0 0 0 0 0 0 0 0 0 0 0 0 0 0 0 0 0 0 0 0 0 0 0
0 0 0 0 0 0 0 0 0 0 0 0 0 0 0 0 0 0 0 0 0 0 0 0 0 0 0 0 0 0 0 0 0 0 0 0
0 0 0 0 0 0 0 0 0 0 0 0 0 0 0 0
##END=
